PATH
  remote: .
  specs:
    lookout-statsd (0.5.5)
      erubis (>= 2.6.6)
      eventmachine (>= 0.12.10)

GEM
  remote: http://rubygems.org/
  specs:
    builder (3.0.0)
    columnize (0.3.4)
    cucumber (1.1.4)
      builder (>= 2.1.2)
      diff-lcs (>= 1.1.2)
      gherkin (~> 2.7.1)
      json (>= 1.4.6)
      term-ansicolor (>= 1.0.6)
    diff-lcs (1.1.3)
    erubis (2.7.0)
    eventmachine (0.12.10)
    gherkin (2.7.4)
      json (>= 1.4.6)
    json (1.6.5)
    linecache (0.46)
      rbx-require-relative (> 0.0.4)
    rake (0.9.2)
    rbx-require-relative (0.0.5)
    rspec (2.8.0)
      rspec-core (~> 2.8.0)
      rspec-expectations (~> 2.8.0)
      rspec-mocks (~> 2.8.0)
    rspec-core (2.8.0)
    rspec-expectations (2.8.0)
      diff-lcs (~> 1.1.2)
    rspec-mocks (2.8.0)
    ruby-debug (0.10.4)
      columnize (>= 0.1)
      ruby-debug-base (~> 0.10.4.0)
    ruby-debug-base (0.10.4)
      linecache (>= 0.3)
    term-ansicolor (1.0.7)

PLATFORMS
  ruby

DEPENDENCIES
  cucumber
  lookout-statsd!
  rake
  rspec
  ruby-debug
